GEM
  remote: https://rubygems.org/
  specs:
    activesupport (3.2.11)
      i18n (~> 0.6)
      multi_json (~> 1.0)
    addressable (2.3.2)
    bouncy-castle-java (1.5.0146.1)
    cookiejar (0.3.0)
    daemons (1.0.10)
    em-http-request (1.0.3)
      addressable (>= 2.2.3)
      cookiejar
      em-socksify
      eventmachine (>= 1.0.0.beta.4)
      http_parser.rb (>= 0.5.3)
    em-socksify (0.2.1)
      eventmachine (>= 1.0.0.beta.4)
    eventmachine (1.0.0)
    eventmachine (1.0.0-java)
    faye (0.8.8)
      cookiejar (>= 0.3.0)
      em-http-request (>= 0.3.0)
      eventmachine (>= 0.12.0)
      faye-websocket (>= 0.4.0)
      rack (>= 1.0.0)
      yajl-ruby (>= 1.0.0)
    faye-websocket (0.4.6)
      eventmachine (>= 0.12.0)
    faye-websocket (0.4.6-java)
      eventmachine (>= 0.12.0)
    gem_plugin (0.2.3)
    honeybadger (1.5.0)
      activesupport
      json
    http_parser.rb (0.5.3)
    http_parser.rb (0.5.3-java)
    i18n (0.6.1)
    jruby-openssl (0.7.7)
      bouncy-castle-java (>= 1.5.0146.1)
    json (1.7.6)
    json (1.7.6-java)
    logger (1.2.8)
    mongrel (1.2.0.pre2)
      daemons (~> 1.0.10)
      gem_plugin (~> 0.2.3)
    multi_json (1.5.0)
    rack (1.5.1)
    rack-protection (1.3.2)
      rack
    redis (3.0.2)
    redis-namespace (1.2.1)
      redis (~> 3.0.0)
    resque (1.23.0)
      multi_json (~> 1.0)
      redis-namespace (~> 1.0)
      sinatra (>= 0.9.2)
      vegas (~> 0.1.2)
    sinatra (1.3.4)
      rack (~> 1.4)
      rack-protection (~> 1.3)
      tilt (~> 1.3, >= 1.3.3)
    thin (1.5.0)
      daemons (>= 1.0.9)
      eventmachine (>= 0.12.6)
      rack (>= 1.0.0)
    tilt (1.3.3)
    vegas (0.1.11)
      rack (>= 1.0.0)
    yajl-ruby (1.1.0)

PLATFORMS
  java

DEPENDENCIES
  activesupport
  faye
  honeybadger
  jruby-openssl
  logger
  mongrel (>= 1.2.0.pre2)
  redis (~> 3.0.2)
  resque (~> 1.23.0)
  thin
